GEM
  remote: https://rubygems.org/
  specs:
    ffi (1.11.1)
    ffi_gen (1.1.0)
      ffi (>= 1.0.0)

PLATFORMS
  ruby

DEPENDENCIES
  ffi_gen
